PATH
  remote: .
  specs:
    hnhome (0.0.0)
      nokogiri

GEM
  remote: http://rubygems.org/
  specs:
    nokogiri (1.5.6)

PLATFORMS
  ruby

DEPENDENCIES
  hnhome!
